GEM
  remote: https://rubygems.org/
  specs:
    ruby-prof (0.16.2)
    transproc (1.0.2)

PLATFORMS
  ruby

DEPENDENCIES
  ruby-prof
  transproc

BUNDLED WITH
   1.14.6
